GEM
  remote: https://rubygems.org/
  specs:
    dalli (2.7.2)

PLATFORMS
  ruby

DEPENDENCIES
  dalli
